{
	"Modality": "MR",
	"MagneticFieldStrength": 6.98,
	"Manufacturer": "Siemens",
	"ManufacturersModelName": "Investigational_Device_7T",
	"InstitutionName": "CMRR_7T_PS",
	"InstitutionalDepartmentName": "CMRR",
	"InstitutionAddress": "6th_Street_SE_2021_Minneapolis_0735BC_Chicago_US_55455",
	"DeviceSerialNumber": "18912",
	"StationName": "SEPTET",
	"PatientPosition": "HFS",
	"ProcedureStepDescription": "Olman_functional",
	"SoftwareVersions": "syngo_MR_B17",
	"MRAcquisitionType": "2D",
	"SeriesDescription": "SE_p8mm_r2_mb1_tr3_GREref_114_109dB_r16rest",
	"ProtocolName": "SE_p8mm_r2_mb1_tr3_GREref_114_109dB_r16rest",
	"ScanningSequence": "EP",
	"SequenceVariant": "SK_SS",
	"ScanOptions": "PFP_FS",
	"SequenceName": "epse2d1_132",
	"ImageType": ["ORIGINAL", "PRIMARY", "M", "ND", "MOSAIC"],
	"SeriesNumber": 56,
	"AcquisitionTime": "11:49:48.067500",
	"AcquisitionNumber": 1,
	"SliceThickness": 0.8,
	"SpacingBetweenSlices": 0.8,
	"SAR": 0.0175231,
	"EchoTime": 0.032,
	"RepetitionTime": 3,
	"FlipAngle": 90,
	"PartialFourier": 0.625,
	"BaseResolution": 200,
	"ShimSetting": [
		-508,
		16,
		577,
		1775,
		-598,
		388,
		97,
		539	],
	"TxRefAmp": 70,
	"PhaseResolution": 1,
	"ReceiveCoilName": "VM_8T_32R_Head",
	"PulseSequenceDetails": "%CustomerSeq%_eja_ep2d_se",
	"PercentPhaseFOV": 66,
	"PhaseEncodingSteps": 82,
	"AcquisitionMatrixPE": 132,
	"ReconMatrixPE": 200,
	"BandwidthPerPixelPhaseEncode": 15.461,
	"ParallelReductionFactorInPlane": 2,
	"EffectiveEchoSpacing": 0.000323394,
	"DerivedVendorReportedEchoSpacing": 0.000646789,
	"TotalReadoutTime": 0.0643555,
	"PixelBandwidth": 1136,
	"DwellTime": 2.2e-06,
	"PhaseEncodingDirection": "i",
	"SliceTiming": [
		1.505,
		0,
		1.6,
		0.0925,
		1.6925,
		0.1875,
		1.7875,
		0.2825,
		1.8825,
		0.375,
		1.975,
		0.47,
		2.07,
		0.565,
		2.165,
		0.6575,
		2.2575,
		0.7525,
		2.3525,
		0.8475,
		2.445,
		0.94,
		2.54,
		1.035,
		2.635,
		1.1275,
		2.7275,
		1.2225,
		2.8225,
		1.3175,
		2.9175,
		1.41	],
	"ImageOrientationPatientDICOM": [
		1,
		0,
		0,
		0,
		0,
		-1	],
	"InPlanePhaseEncodingDirectionDICOM": "ROW",
	"ConversionSoftware": "dcm2niix",
"ConversionSoftwareVersion": "v1.0.20180622 GCC4.9.2",
	"TaskName": "prf"
}
