{
	"Modality": "MR",
	"MagneticFieldStrength": 6.98,
	"Manufacturer": "Siemens",
	"ManufacturersModelName": "Investigational_Device_7T",
	"InstitutionName": "CMRR_7T_PS",
	"InstitutionalDepartmentName": "CMRR",
	"InstitutionAddress": "6th_Street_SE_2021_Minneapolis_0735BC_Chicago_US_55455",
	"DeviceSerialNumber": "18912",
	"StationName": "SEPTET",
	"PatientPosition": "HFS",
	"ProcedureStepDescription": "Olman_functional",
	"SoftwareVersions": "syngo_MR_B17",
	"MRAcquisitionType": "2D",
	"SeriesDescription": "SE_p8mm_r2_mb2_tr2_run19_pRF",
	"ProtocolName": "SE_p8mm_r2_mb2_tr2_run19_pRF",
	"ScanningSequence": "EP",
	"SequenceVariant": "SK_SS",
	"ScanOptions": "PFP_FS",
	"SequenceName": "epse2d1_132",
	"ImageType": ["ORIGINAL", "PRIMARY", "M", "MB", "ND", "MOSAIC"],
	"SeriesNumber": 65,
	"AcquisitionTime": "15:33:41.612500",
	"AcquisitionNumber": 1,
	"ImageComments": "Unaliased_MB2_PE4",
	"SliceThickness": 0.8,
	"SpacingBetweenSlices": 0.8,
	"SAR": 0.0256923,
	"EchoTime": 0.032,
	"RepetitionTime": 2,
	"FlipAngle": 90,
	"PartialFourier": 0.625,
	"BaseResolution": 200,
	"ShimSetting": [
		-601,
		78,
		808,
		2319,
		-88,
		688,
		82,
		-20	],
	"TxRefAmp": 70,
	"PhaseResolution": 1,
	"ReceiveCoilName": "VM_8T_32R_Head",
	"PulseSequenceDetails": "%CustomerSeq%_eja_ep2d_se",
	"MultibandAccelerationFactor": 2,
	"PercentPhaseFOV": 66,
	"PhaseEncodingSteps": 82,
	"AcquisitionMatrixPE": 132,
	"ReconMatrixPE": 200,
	"BandwidthPerPixelPhaseEncode": 14.854,
	"ParallelReductionFactorInPlane": 2,
	"EffectiveEchoSpacing": 0.00033661,
	"DerivedVendorReportedEchoSpacing": 0.000673219,
	"TotalReadoutTime": 0.0669853,
	"PixelBandwidth": 1136,
	"DwellTime": 2.2e-06,
	"PhaseEncodingDirection": "i",
	"SliceTiming": [
		0,
		0.88,
		1.7575,
		0.6275,
		1.5075,
		0.3775,
		1.255,
		0.1275,
		1.005,
		1.8825,
		0.755,
		1.6325,
		0.5025,
		1.38,
		0.2525,
		1.13,
		0,
		0.88,
		1.7575,
		0.6275,
		1.5075,
		0.3775,
		1.255,
		0.1275,
		1.005,
		1.8825,
		0.755,
		1.6325,
		0.5025,
		1.38,
		0.2525,
		1.13	],
	"ImageOrientationPatientDICOM": [
		1,
		0,
		0,
		0,
		0,
		-1	],
	"InPlanePhaseEncodingDirectionDICOM": "ROW",
	"ConversionSoftware": "dcm2niix",
"ConversionSoftwareVersion": "v1.0.20180622 GCC4.9.2",
	"TaskName": "prf"
}
