{
	"Modality": "MR",
	"MagneticFieldStrength": 6.98,
	"Manufacturer": "Siemens",
	"ManufacturersModelName": "Investigational_Device_7T",
	"InstitutionName": "CMRR_7T_PS",
	"InstitutionalDepartmentName": "CMRR",
	"InstitutionAddress": "6th_Street_SE_2021_Minneapolis_0735BC_Chicago_US_55455",
	"DeviceSerialNumber": "18912",
	"StationName": "SEPTET",
	"PatientPosition": "HFS",
	"ProcedureStepDescription": "Olman_functional",
	"SoftwareVersions": "syngo_MR_B17",
	"MRAcquisitionType": "2D",
	"SeriesDescription": "SE_p8mm_r2_mb2_tr2_GREref_114_109dB_rest3",
	"ProtocolName": "SE_p8mm_r2_mb2_tr2_GREref_114_109dB_rest3",
	"ScanningSequence": "EP",
	"SequenceVariant": "SK_SS",
	"ScanOptions": "PFP_FS",
	"SequenceName": "epse2d1_132",
	"ImageType": ["ORIGINAL", "PRIMARY", "M", "MB", "ND", "MOSAIC"],
	"SeriesNumber": 84,
	"AcquisitionTime": "12:31:21.812500",
	"AcquisitionNumber": 1,
	"ImageComments": "Unaliased_MB2_PE4",
	"SliceThickness": 0.8,
	"SpacingBetweenSlices": 0.8,
	"SAR": 0.0252558,
	"EchoTime": 0.032,
	"RepetitionTime": 2,
	"FlipAngle": 90,
	"PartialFourier": 0.625,
	"BaseResolution": 200,
	"ShimSetting": [
		-564,
		-81,
		669,
		1838,
		-75,
		1210,
		624,
		242	],
	"TxRefAmp": 65,
	"PhaseResolution": 1,
	"ReceiveCoilName": "VM_8T_32R_Head",
	"PulseSequenceDetails": "%CustomerSeq%_eja_ep2d_se",
	"MultibandAccelerationFactor": 2,
	"PercentPhaseFOV": 66,
	"PhaseEncodingSteps": 82,
	"AcquisitionMatrixPE": 132,
	"ReconMatrixPE": 200,
	"BandwidthPerPixelPhaseEncode": 14.854,
	"ParallelReductionFactorInPlane": 2,
	"EffectiveEchoSpacing": 0.00033661,
	"DerivedVendorReportedEchoSpacing": 0.000673219,
	"TotalReadoutTime": 0.0669853,
	"PixelBandwidth": 1136,
	"DwellTime": 2.2e-06,
	"PhaseEncodingDirection": "i",
	"SliceTiming": [
		0,
		1.0525,
		0.095,
		1.1475,
		0.19,
		1.2425,
		0.2875,
		1.3375,
		0.3825,
		1.435,
		0.4775,
		1.53,
		0.5725,
		1.625,
		0.67,
		1.72,
		0.765,
		1.8175,
		0.86,
		1.9125,
		0.955,
		0,
		1.0525,
		0.095,
		1.1475,
		0.19,
		1.2425,
		0.2875,
		1.3375,
		0.3825,
		1.435,
		0.4775,
		1.53,
		0.5725,
		1.625,
		0.67,
		1.72,
		0.765,
		1.8175,
		0.86,
		1.9125,
		0.955	],
	"ImageOrientationPatientDICOM": [
		1,
		0,
		0,
		0,
		0,
		-1	],
	"InPlanePhaseEncodingDirectionDICOM": "ROW",
	"ConversionSoftware": "dcm2niix",
"ConversionSoftwareVersion": "v1.0.20180622 GCC4.9.2",
	"TaskName": "prf"
}
