{
	"Modality": "MR",
	"MagneticFieldStrength": 6.98,
	"Manufacturer": "Siemens",
	"ManufacturersModelName": "Investigational_Device_7T",
	"InstitutionName": "CMRR_7T_PS",
	"InstitutionalDepartmentName": "CMRR",
	"InstitutionAddress": "6th_Street_SE_2021_Minneapolis_0735BC_Chicago_US_55455",
	"DeviceSerialNumber": "18912",
	"StationName": "SEPTET",
	"PatientPosition": "HFS",
	"ProcedureStepDescription": "Olman_functional",
	"SoftwareVersions": "syngo_MR_B17",
	"MRAcquisitionType": "3D",
	"SeriesDescription": "grs3d_v16_vfa_noPF_HiGain_80v_kfp3",
	"ProtocolName": "grs3d_v16_vfa_noPF_HiGain_80v_kfp3",
	"ScanningSequence": "RM",
	"SequenceVariant": "SK",
	"ScanOptions": "SAT1_FS",
	"SequenceName": "grs3d3d1_312",
	"ImageType": ["ORIGINAL", "PRIMARY", "M", "ND", "SLAB", "00", "MOSAIC"],
	"SeriesNumber": 28,
	"AcquisitionTime": "16:03:3.705000",
	"AcquisitionNumber": 1,
	"ImageComments": "E00_Com",
	"SliceThickness": 0.8,
	"SpacingBetweenSlices": 0.8,
	"SAR": 0.00381622,
	"EchoTime": 0.03343,
	"RepetitionTime": 2,
	"FlipAngle": 70,
	"PartialFourier": 1,
	"BaseResolution": 160,
	"ShimSetting": [
		-1206,
		-279,
		471,
		63,
		-75,
		459,
		285,
		283	],
	"TxRefAmp": 80,
	"PhaseResolution": 1,
	"ReceiveCoilName": "VM_8T_32R_Head",
	"PulseSequenceDetails": "%CustomerSeq%/vkemper_pgrs3d_ey_v16",
	"MultibandAccelerationFactor": 12,
	"PercentPhaseFOV": 32.5,
	"PhaseEncodingSteps": 51,
	"AcquisitionMatrixPE": 52,
	"ReconMatrixPE": 52,
	"ParallelReductionFactorInPlane": 2,
	"PixelBandwidth": 1157,
	"DwellTime": 2.7e-06,
	"SliceTiming": [
		0,
		0,
		0,
		0,
		0,
		0,
		0,
		0,
		0,
		0,
		0,
		0	],
	"ImageOrientationPatientDICOM": [
		1,
		0,
		0,
		0,
		0,
		-1	],
	"InPlanePhaseEncodingDirectionDICOM": "COL",
	"ConversionSoftware": "dcm2niix",
"ConversionSoftwareVersion": "v1.0.20180622 GCC4.9.2",
"TotalReadoutTime": 0.000069,
"PhaseEncodingDirection": "j",
	"TaskName": "movie"
}
