{
	"Modality": "MR",
	"MagneticFieldStrength": 6.98,
	"Manufacturer": "Siemens",
	"ManufacturersModelName": "Investigational_Device_7T",
	"InstitutionName": "CMRR_7T_PS",
	"InstitutionalDepartmentName": "CMRR",
	"InstitutionAddress": "6th_Street_SE_2021_Minneapolis_0735BC_Chicago_US_55455",
	"DeviceSerialNumber": "18912",
	"StationName": "SEPTET",
	"PatientPosition": "HFS",
	"ProcedureStepDescription": "Olman_functional",
	"SoftwareVersions": "syngo_MR_B17",
	"MRAcquisitionType": "3D",
	"SeriesDescription": "t1_mpr_tra_1iso_100dB",
	"ProtocolName": "t1_mpr_tra_1iso_100dB",
	"ScanningSequence": "GR_IR",
	"SequenceVariant": "SP_MP",
	"ScanOptions": "IR_PFP",
	"SequenceName": "tfl3d1",
	"ImageType": ["ORIGINAL", "PRIMARY", "M", "DIS2D"],
	"SeriesNumber": 5,
	"AcquisitionTime": "10:18:40.775000",
	"AcquisitionNumber": 1,
	"SliceThickness": 1,
	"SAR": 0.00282901,
	"EchoTime": 0.00327,
	"RepetitionTime": 3.1,
	"InversionTime": 1.5,
	"FlipAngle": 6,
	"PartialFourier": 0.75,
	"BaseResolution": 192,
	"ShimSetting": [
		-717,
		-118,
		-128,
		1397,
		-36,
		-16,
		-343,
		-143	],
	"TxRefAmp": 70,
	"PhaseResolution": 1,
	"ReceiveCoilName": "VM_8T_32R_Head",
	"PulseSequenceDetails": "%SiemensSeq%_tfl",
	"PercentPhaseFOV": 81.25,
	"PhaseEncodingSteps": 116,
	"AcquisitionMatrixPE": 156,
	"ReconMatrixPE": 192,
	"ParallelReductionFactorInPlane": 4,
	"PixelBandwidth": 181,
	"DwellTime": 1.44e-05,
	"ImageOrientationPatientDICOM": [
		1,
		-2.05103e-10,
		0,
		2.05103e-10,
		1,
		0	],
	"InPlanePhaseEncodingDirectionDICOM": "ROW",
	"ConversionSoftware": "dcm2niix",
"ConversionSoftwareVersion": "v1.0.20180622 GCC4.9.2",
"TotalReadoutTime": 0.000418,
	"PhaseEncodingDirection": "i"
}
