{
	"Modality": "MR",
	"MagneticFieldStrength": 6.98,
	"Manufacturer": "Siemens",
	"ManufacturersModelName": "Investigational_Device_7T",
	"InstitutionName": "CMRR_7T_PS",
	"InstitutionalDepartmentName": "CMRR",
	"InstitutionAddress": "6th_Street_SE_2021_Minneapolis_0735BC_Chicago_US_55455",
	"DeviceSerialNumber": "18912",
	"StationName": "SEPTET",
	"PatientPosition": "HFS",
	"ProcedureStepDescription": "Olman_functional",
	"SoftwareVersions": "syngo_MR_B17",
	"MRAcquisitionType": "2D",
	"SeriesDescription": "GE_p8mm_r3_mb2_tr2_GREref_110_109dB_run2_c1",
	"ProtocolName": "GE_p8mm_r3_mb2_tr2_GREref_110_109dB_run2_c1",
	"ScanningSequence": "EP",
	"SequenceVariant": "SK_SS_OSP",
	"ScanOptions": "PFP",
	"SequenceName": "epfid2d1_162",
	"ImageType": ["ORIGINAL", "PRIMARY", "M", "MB", "ND", "MOSAIC"],
	"SeriesNumber": 23,
	"AcquisitionTime": "10:36:48.540000",
	"AcquisitionNumber": 1,
	"ImageComments": "Unaliased_MB2_PE2_SENSE1",
	"SliceThickness": 0.8,
	"SpacingBetweenSlices": 0.8,
	"SAR": 0.00456057,
	"EchoTime": 0.0226,
	"RepetitionTime": 2,
	"FlipAngle": 70,
	"PartialFourier": 0.75,
	"BaseResolution": 200,
	"ShimSetting": [
		-663,
		-229,
		877,
		3019,
		-462,
		111,
		72,
		401	],
	"TxRefAmp": 75,
	"PhaseResolution": 1,
	"ReceiveCoilName": "VM_8T_32R_Head",
	"PulseSequenceDetails": "%CustomerSeq%_eja_ep2d_bold",
	"MultibandAccelerationFactor": 2,
	"PercentPhaseFOV": 81,
	"PhaseEncodingSteps": 123,
	"AcquisitionMatrixPE": 162,
	"ReconMatrixPE": 200,
	"BandwidthPerPixelPhaseEncode": 18.519,
	"ParallelReductionFactorInPlane": 3,
	"EffectiveEchoSpacing": 0.000269993,
	"DerivedVendorReportedEchoSpacing": 0.000809979,
	"TotalReadoutTime": 0.0537286,
	"PixelBandwidth": 1136,
	"DwellTime": 2.2e-06,
	"PhaseEncodingDirection": "i",
	"SliceTiming": [
		0,
		0.9325,
		1.8625,
		0.7875,
		1.72,
		0.645,
		1.5775,
		0.5025,
		1.4325,
		0.3575,
		1.29,
		0.215,
		1.1475,
		0.07,
		1.0025,
		1.935,
		0.86,
		1.7925,
		0.7175,
		1.6475,
		0.5725,
		1.505,
		0.43,
		1.3625,
		0.2875,
		1.2175,
		0.1425,
		1.075,
		0,
		0.9325,
		1.8625,
		0.7875,
		1.72,
		0.645,
		1.5775,
		0.5025,
		1.4325,
		0.3575,
		1.29,
		0.215,
		1.1475,
		0.07,
		1.0025,
		1.935,
		0.86,
		1.7925,
		0.7175,
		1.6475,
		0.5725,
		1.505,
		0.43,
		1.3625,
		0.2875,
		1.2175,
		0.1425,
		1.075	],
	"ImageOrientationPatientDICOM": [
		1,
		0,
		0,
		0,
		0,
		-1	],
	"InPlanePhaseEncodingDirectionDICOM": "ROW",
	"ConversionSoftware": "dcm2niix",
"ConversionSoftwareVersion": "v1.0.20180622 GCC4.9.2",
	"TaskName": "check"
}
