{
	"Modality": "MR",
	"MagneticFieldStrength": 6.98,
	"Manufacturer": "Siemens",
	"ManufacturersModelName": "Investigational_Device_7T",
	"InstitutionName": "CMRR_7T_PS",
	"InstitutionalDepartmentName": "CMRR",
	"InstitutionAddress": "6th_Street_SE_2021_Minneapolis_0735BC_Chicago_US_55455",
	"DeviceSerialNumber": "18912",
	"StationName": "SEPTET",
	"PatientPosition": "HFS",
	"ProcedureStepDescription": "Olman_functional",
	"SoftwareVersions": "syngo_MR_B17",
	"MRAcquisitionType": "2D",
	"SeriesDescription": "SE_p8mm_r2_mb2_tr2_GREref_114_109dB_70v_prf2",
	"ProtocolName": "SE_p8mm_r2_mb2_tr2_GREref_114_109dB_70v_prf2",
	"ScanningSequence": "EP",
	"SequenceVariant": "SK_SS",
	"ScanOptions": "PFP_FS",
	"SequenceName": "epse2d1_132",
	"ImageType": ["ORIGINAL", "PRIMARY", "M", "MB", "ND", "MOSAIC"],
	"SeriesNumber": 51,
	"AcquisitionTime": "15:00:10.472500",
	"AcquisitionNumber": 1,
	"ImageComments": "Unaliased_MB2_PE4",
	"SliceThickness": 0.8,
	"SpacingBetweenSlices": 0.8,
	"SAR": 0.0266457,
	"EchoTime": 0.032,
	"RepetitionTime": 2,
	"FlipAngle": 90,
	"PartialFourier": 0.625,
	"BaseResolution": 200,
	"ShimSetting": [
		-403,
		360,
		599,
		2294,
		241,
		-410,
		-1758,
		478	],
	"TxRefAmp": 70,
	"PhaseResolution": 1,
	"ReceiveCoilName": "VM_8T_32R_Head",
	"PulseSequenceDetails": "%CustomerSeq%_eja_ep2d_se",
	"MultibandAccelerationFactor": 2,
	"PercentPhaseFOV": 66,
	"PhaseEncodingSteps": 82,
	"AcquisitionMatrixPE": 132,
	"ReconMatrixPE": 200,
	"BandwidthPerPixelPhaseEncode": 14.854,
	"ParallelReductionFactorInPlane": 2,
	"EffectiveEchoSpacing": 0.00033661,
	"DerivedVendorReportedEchoSpacing": 0.000673219,
	"TotalReadoutTime": 0.0669853,
	"PixelBandwidth": 1136,
	"DwellTime": 2.2e-06,
	"PhaseEncodingDirection": "i",
	"SliceTiming": [
		0,
		1.45,
		0.8925,
		0.335,
		1.785,
		1.2275,
		0.67,
		0.11,
		1.56,
		1.0025,
		0.445,
		1.895,
		1.3375,
		0.78,
		0.2225,
		1.6725,
		1.115,
		0.5575,
		0,
		1.45,
		0.8925,
		0.335,
		1.785,
		1.2275,
		0.67,
		0.11,
		1.56,
		1.0025,
		0.445,
		1.895,
		1.3375,
		0.78,
		0.2225,
		1.6725,
		1.115,
		0.5575	],
	"ImageOrientationPatientDICOM": [
		1,
		0,
		0,
		0,
		0,
		-1	],
	"InPlanePhaseEncodingDirectionDICOM": "ROW",
	"ConversionSoftware": "dcm2niix",
"ConversionSoftwareVersion": "v1.0.20180622 GCC4.9.2",
	"TaskName": "prf"
}
